GEM
  remote: https://rubygems.org/
  specs:
    activesupport (5.0.2)
      concurrent-ruby (~> 1.0, >= 1.0.2)
      i18n (~> 0.7)
      minitest (~> 5.1)
      tzinfo (~> 1.1)
    chingu (0.8.1)
      crack
      gosu (>= 0.7.25)
      rest-client
    concurrent-ruby (1.0.5)
    crack (0.4.3)
      safe_yaml (~> 1.0.0)
    domain_name (0.5.20170223)
      unf (>= 0.0.5, < 1.0.0)
    gosu (0.11.2)
    http-cookie (1.0.3)
      domain_name (~> 0.5)
    i18n (0.8.1)
    memoist (0.15.0)
    mime-types (3.1)
      mime-types-data (~> 3.2015)
    mime-types-data (3.2016.0521)
    minitest (5.10.1)
    mqtt (0.4.0)
    netrc (0.11.0)
    rest-client (2.0.1)
      http-cookie (>= 1.0.2, < 2.0)
      mime-types (>= 1.16, < 4.0)
      netrc (~> 0.8)
    ruby-geometry (0.0.6)
      activesupport
      memoist
    safe_yaml (1.0.4)
    smarter_csv (1.1.4)
    state_machines (0.4.0)
    thread_safe (0.3.6)
    tzinfo (1.2.2)
      thread_safe (~> 0.1)
    unf (0.1.4)
      unf_ext
    unf_ext (0.0.7.2)

PLATFORMS
  ruby

DEPENDENCIES
  chingu (~> 0.8.1)
  gosu (~> 0.11.2)
  mqtt (~> 0.4.0)
  ruby-geometry (~> 0.0.6)
  smarter_csv (~> 1.1, >= 1.1.4)
  state_machines (~> 0.4.0)

RUBY VERSION
   ruby 2.3.3p222

BUNDLED WITH
   1.14.6
